GEM
  remote: http://rubygems.org/
  specs:
    json (1.6.5)
    rack (1.4.1)
    rack-protection (1.2.0)
      rack
    sinatra (1.3.2)
      rack (>= 1.3.6, ~> 1.3)
      rack-protection (~> 1.2)
      tilt (>= 1.3.3, ~> 1.3)
    tilt (1.3.3)
    urbanairship (2.0.0)
      json

PLATFORMS
  ruby

DEPENDENCIES
  sinatra
  urbanairship
